PATH
  remote: .
  specs:
    fs3_cloner (0.1.0)
      aws-sdk (~> 2)

GEM
  remote: https://rubygems.org/
  specs:
    aws-sdk (2.11.65)
      aws-sdk-resources (= 2.11.65)
    aws-sdk-core (2.11.65)
      aws-sigv4 (~> 1.0)
      jmespath (~> 1.0)
    aws-sdk-resources (2.11.65)
      aws-sdk-core (= 2.11.65)
    aws-sigv4 (1.0.2)
    diff-lcs (1.3)
    jmespath (1.4.0)
    rake (10.5.0)
    rspec (3.7.0)
      rspec-core (~> 3.7.0)
      rspec-expectations (~> 3.7.0)
      rspec-mocks (~> 3.7.0)
    rspec-core (3.7.1)
      rspec-support (~> 3.7.0)
    rspec-expectations (3.7.0)
      diff-lcs (>= 1.2.0, < 2.0)
      rspec-support (~> 3.7.0)
    rspec-mocks (3.7.0)
      diff-lcs (>= 1.2.0, < 2.0)
      rspec-support (~> 3.7.0)
    rspec-support (3.7.1)

PLATFORMS
  ruby

DEPENDENCIES
  bundler (~> 1.16)
  fs3_cloner!
  rake (~> 10.0)
  rspec (~> 3.0)

BUNDLED WITH
   1.16.0
